GEM
  remote: https://rubygems.org/
  specs:
    rake (13.0.1)
    sequel (5.27.0)
    sqlite (1.0.2)

PLATFORMS
  ruby

DEPENDENCIES
  rake (~> 13.0, >= 13.0.1)
  sequel (~> 5.27)
  sqlite (~> 1.0, >= 1.0.2)

BUNDLED WITH
   2.0.2
