GEM
  remote: https://rubygems.org/
  specs:
    rake (13.0.1)
    sequel (5.27.0)
    sequel-rake (0.2.0)
      thor (~> 0.19)
    sqlite3 (1.4.1)
    thor (0.20.3)

PLATFORMS
  ruby

DEPENDENCIES
  rake (~> 13.0, >= 13.0.1)
  sequel (~> 5.27)
  sequel-rake (~> 0.2.0)
  sqlite3 (~> 1.4, >= 1.4.1)

BUNDLED WITH
   2.0.2
